PATH
  remote: .
  specs:
    rito_api (0.1.0)
      fileutils (~> 1.0, >= 1.0.2)
      httparty (~> 0.16.1)
      moneta (~> 1.0)
      redis (~> 4.0, >= 4.0.1)

GEM
  remote: https://rubygems.org/
  specs:
    diff-lcs (1.3)
    fileutils (1.0.2)
    httparty (0.16.2)
      multi_xml (>= 0.5.2)
    moneta (1.0.0)
    multi_xml (0.6.0)
    rake (10.5.0)
    redis (4.0.1)
    rspec (3.7.0)
      rspec-core (~> 3.7.0)
      rspec-expectations (~> 3.7.0)
      rspec-mocks (~> 3.7.0)
    rspec-core (3.7.1)
      rspec-support (~> 3.7.0)
    rspec-expectations (3.7.0)
      diff-lcs (>= 1.2.0, < 2.0)
      rspec-support (~> 3.7.0)
    rspec-mocks (3.7.0)
      diff-lcs (>= 1.2.0, < 2.0)
      rspec-support (~> 3.7.0)
    rspec-support (3.7.1)

PLATFORMS
  ruby

DEPENDENCIES
  bundler (~> 1.16)
  rake (~> 10.0)
  rito_api!
  rspec (~> 3.0)

BUNDLED WITH
   1.16.1
